[System]
Scanner=SkyScan1276
Instrument S/N=16A17012
Software Version=1.0.13
Magnification Drive Version=3.3
Camera Drive Version=3.3
Filter  Drive Version=3.3
Animal Drive Version=3.3
Home Directory=C:\SkyScan1276
Source Type=Hamamatsu L10321
Camera Type=XIMEA MH110XC-KK-TP
Camera Pixel Size (um)=18.110
Camera X/Y Ratio=1.0033
[User]
User Name=SkyScan
Computer Name=SCAN1276_012
[Acquisition]
Data Directory=D:\Results\Fromen\20230317_YY_quarter\Batch_2
Filename Prefix=Batch_2~00
Number Of Files=  766
Number Of Rows= 1343
Number Of Columns= 4000
Filename Index Length=8
Partial Width=OFF
Image crop origin X=0
Image crop origin Y=0
Camera binning=2x2
Image Rotation=-0.03000
Optical Axis (line)=  670
Object to Source (mm)=87.980
Camera to Source (mm)=158.848
Source Voltage (kV)=  40
Source Current (uA)= 200
Image Pixel Size (um)=20.060852
Scaled Image Pixel Size (um)=20.060852
Image Format=TIFF
Depth (bits)=16
Reference Intensity=58000
Exposure (ms)=325
Rotation Step (deg)=0.300
Use 360 Rotation=NO
Scanning position=200.231 mm
Frame Averaging=ON (2)
Flat Field Correction=ON
Random Movement=OFF (10)
Filter=No Filter
Gantry direction=CC
Rotation Direction=CC
Intrinsic CS rotation in degree=180.0
Type of Detector Motion=STEP AND SHOOT
Scanning Trajectory=ROUND
Number of connected scans=4
Current scan number=1
Number of lines to be reconstructed=859
Suggested HU - Calibration=180000
Number Of Horizontal Offset Positions=2
Horizontal Overlap (pixel)=32
Study Date and Time=17 Mar 2023  14h:15m:47s
Scan duration=0h:17m:6s
Dose estimation (mGy)=1071
Maximum vertical TS=5.0
[Reconstruction]
Reconstruction Program=NRecon
Program Version=Version: 1.7.4.6
Program Home Directory=C:\SkyScan1276
Reconstruction engine=InstaRecon
Engine version=Version: 2.0.4.5
Reconstruction from batch=No
Postalignment Applied=1
Connected Reconstruction (parts)=4
Sub-scan post alignment [0]=-3.500000
Sub-scan post alignment [1]=-5.000000
Sub-scan post alignment [2]=-4.500000
Sub-scan post alignment [3]=-4.500000
Sub-scan scan length [0]=857
Sub-scan scan length [1]=857
Sub-scan scan length [2]=853
Sub-scan scan length [3]=856
Used extra rotation per scan(deg)= 0.000  -0.074  -0.074  -0.074 
Used extra shift in X per scan(micron)= 0.000  4.035  34.790  78.767 
Used extra shift in Y per scan(micron)= 0.000  -47.130  -43.216  -73.854 
Reconstruction servers= SCAN1276_012 
Dataset Origin=SkyScan1276
Dataset Prefix=Batch_2~03
Dataset Directory=D:\Results\Fromen\20230317_YY_quarter\Batch_2
Output Directory=D:\Results\Fromen\20230317_YY_quarter\Batch_2\Batch_2_Rec
Time and Date=17 Mar 2023  18h:01m:44s
First Section=432
Last Section=3589
Reconstruction duration per slice (seconds)=0.848131
Total reconstruction time (2568 slices) in seconds=2178.000000
Section to Section Step=1
Sections Count=3158
Result File Type=TIF
Result File Header Length (bytes)=12
Result Image Width (pixels)=3108
Result Image Height (pixels)=2032
Pixel Size (um)=20.06085
Reconstruction Angular Range (deg)=229.80
Use 180+=OFF
Angular Step (deg)=0.3000
Smoothing=0
Ring Artifact Correction=7
Draw Scales=OFF
Object Bigger than FOV=ON
Reconstruction from ROI=ON_ROUND
ROI Top (pixels)=2937
ROI Bottom (pixels)=904
ROI Left (pixels)=391
ROI Right (pixels)=3502
ROI reference length=4000
Filter cutoff relative to Nyquist frequency=100
Filter type=0
Filter type description=Hamming (Alpha=0.54)
Undersampling factor=1
Threshold for defect pixel mask (%)=0
Beam Hardening Correction (%)=50
CS Static Rotation (deg)=3.50
CS Static Rotation Total(deg)=183.50
Minimum for CS to Image Conversion=0.000000
Maximum for CS to Image Conversion=0.030851
HU Calibration=OFF
BMP LUT=0
Cone-beam Angle Horiz.(deg)=49.029015
Cone-beam Angle Vert.(deg)=17.410219
Automatic matching in Z=50
Automatic matching in X/Y=50
Automatic matching in rotation=5.000000
Automatic fusion=1
[File name convention]
Filename Index Length=8
Filename Prefix=Batch_2_IR_rec
